GEM
  remote: https://rubygems.org/
  specs:
    SassyLists (1.0.0)
      compass (>= 0.12.1)
      sass (>= 3.2.0)
    chunky_png (1.3.0)
    compass (1.0.0.alpha.18)
      chunky_png (~> 1.2)
      compass-core (~> 1.0.0.alpha.17)
      compass-import-once (~> 1.0.2)
      json
      listen (~> 1.1.0)
      sass (~> 3.3.0.rc.3)
    compass-core (1.0.0.alpha.17)
      multi_json (~> 1.0)
      sass (>= 3.3.rc.3)
    compass-import-once (1.0.2)
    exifr (1.1.3)
    ffi (1.9.3)
    fspath (2.1.0)
    image_optim (0.12.0)
      exifr (~> 1.1.3)
      fspath (~> 2.1.0)
      image_size (~> 1.2.0)
      in_threads (~> 1.2.0)
      progress (~> 3.0.0)
    image_size (1.2.0)
    in_threads (1.2.0)
    json (1.8.1)
    listen (1.1.6)
      rb-fsevent (>= 0.9.3)
      rb-inotify (>= 0.9)
      rb-kqueue (>= 0.2)
    multi_json (1.9.0)
    oily_png (1.1.1)
      chunky_png (~> 1.3.0)
    progress (3.0.0)
    rake (10.1.1)
    rb-fsevent (0.9.4)
    rb-inotify (0.9.3)
      ffi (>= 0.5.0)
    rb-kqueue (0.2.2)
      ffi (>= 0.5.0)
    sass (3.3.0)
      rake

PLATFORMS
  ruby

DEPENDENCIES
  SassyLists
  compass (= 1.0.0.alpha.18)
  image_optim
  oily_png
  sass (= 3.3.0)
