GEM
  remote: https://rubygems.org/
  specs:
    SassyLists (0.4.4)
      compass (>= 0.12.1)
      sass (>= 3.2.0)
    chunky_png (1.2.9)
    compass (0.13.alpha.12)
      chunky_png (~> 1.2)
      json
      listen (~> 1.1.0)
      sass (~> 3.3.0.rc.1)
    ffi (1.9.3)
    json (1.8.1)
    listen (1.1.6)
      rb-fsevent (>= 0.9.3)
      rb-inotify (>= 0.9)
      rb-kqueue (>= 0.2)
    oily_png (1.1.0)
      chunky_png (~> 1.2.7)
    rb-fsevent (0.9.3)
    rb-inotify (0.9.2)
      ffi (>= 0.5.0)
    rb-kqueue (0.2.0)
      ffi (>= 0.5.0)
    sass (3.3.0.rc.2)
      listen (~> 1.1.0)

PLATFORMS
  ruby

DEPENDENCIES
  SassyLists
  compass (= 0.13.alpha.12)
  oily_png
  sass (= 3.3.0.rc.2)
